GEM
  remote: https://rubygems.org/
  specs:
    coderay (1.0.9)
    diff-lcs (1.2.2)
    formatador (0.2.4)
    growl (1.0.3)
    guard (1.7.0)
      formatador (>= 0.2.4)
      listen (>= 0.6.0)
      lumberjack (>= 1.0.2)
      pry (>= 0.9.10)
      thor (>= 0.14.6)
    guard-bundler (1.0.0)
      bundler (~> 1.0)
      guard (~> 1.1)
    guard-rspec (2.5.1)
      guard (>= 1.1)
      rspec (~> 2.11)
    hoe (3.5.2)
      rake (>= 0.8, < 11.0)
    hoe-bundler (1.2.0)
      hoe (>= 2.2.0)
    hoe-gemspec (1.0.0)
      hoe (>= 2.2.0)
    hoe-git (1.5.0)
      hoe (>= 2.2.0)
    hoe-version (1.2.0)
    json (1.7.7)
    listen (0.7.3)
    little-plugger (1.1.3)
    logging (1.8.1)
      little-plugger (>= 1.1.3)
      multi_json (>= 1.3.6)
    lumberjack (1.0.3)
    method_source (0.8.1)
    multi_json (1.7.2)
    plist (3.1.0)
    pry (0.9.12)
      coderay (~> 1.0.5)
      method_source (~> 0.8)
      slop (~> 3.4)
    rake (10.0.4)
    rb-fsevent (0.9.3)
    rdoc (3.12.2)
      json (~> 1.4)
    rspec (2.13.0)
      rspec-core (~> 2.13.0)
      rspec-expectations (~> 2.13.0)
      rspec-mocks (~> 2.13.0)
    rspec-core (2.13.1)
    rspec-expectations (2.13.0)
      diff-lcs (>= 1.1.3, < 2.0)
    rspec-mocks (2.13.0)
    slop (3.4.4)
    terminal-notifier-guard (1.5.3)
    thor (0.18.1)

PLATFORMS
  ruby

DEPENDENCIES
  growl
  guard
  guard-bundler
  guard-rspec
  hoe
  hoe-bundler
  hoe-gemspec
  hoe-git
  hoe-version
  logging (>= 1.8.0)
  plist (>= 3.1.0)
  rake (>= 10.0.0)
  rb-fsevent (~> 0.9)
  rdoc (~> 3.10)
  rspec (>= 2.13)
  terminal-notifier-guard
